GEM
  remote: https://rubygems.org/
  specs:
    archive-tar-minitar (0.5.2)
    docker-api (1.10.11)
      archive-tar-minitar
      excon (>= 0.28)
      json
    excon (0.33.0)
    json (1.8.1)
    thor (0.19.1)

PLATFORMS
  ruby

DEPENDENCIES
  docker-api
  thor
